GEM
  remote: https://rubygems.org/
  specs:
    coderay (1.1.2)
    method_source (0.9.2)
    mini_portile2 (2.3.0)
    nokogiri (1.8.5)
      mini_portile2 (~> 2.3.0)
    pry (0.12.2)
      coderay (~> 1.1.0)
      method_source (~> 0.9.0)
    rake (12.3.1)
    require_all (2.0.0)

PLATFORMS
  ruby

DEPENDENCIES
  nokogiri
  pry
  rake
  require_all

BUNDLED WITH
   1.17.1
